GIT
  remote: git://github.com/dguerri/packet.git
  revision: f4630410bfe4552607a5747bb11f6ee4740d9870
  specs:
    packet (0.1.15)

GEM
  remote: http://rubygems.org/
  specs:
    acl9 (0.11.0)
    actionmailer (2.3.11)
      actionpack (= 2.3.11)
    actionpack (2.3.11)
      activesupport (= 2.3.11)
      rack (~> 1.1.0)
    activerecord (2.3.11)
      activesupport (= 2.3.11)
    activeresource (2.3.11)
      activesupport (= 2.3.11)
    activesupport (2.3.11)
    authlogic (2.1.6)
      activesupport
    aws-s3 (0.6.2)
      builder
      mime-types
      xml-simple
    builder (3.0.0)
    chronic (0.2.3)
      hoe (>= 1.2.1)
    color (1.4.1)
    daemons (1.0.10)
    exception_notification (2.3.3.0)
    fleximage (1.0.4)
      aws-s3
      rmagick
    hoe (2.9.4)
      rake (>= 0.8.7)
    jrails (0.6.0)
    mime-types (1.16)
    mysql (2.8.1)
    pdf-writer (1.1.8)
      color (>= 1.4.0)
      transaction-simple (~> 1.3)
    rack (1.1.2)
    rails (2.3.11)
      actionmailer (= 2.3.11)
      actionpack (= 2.3.11)
      activerecord (= 2.3.11)
      activeresource (= 2.3.11)
      activesupport (= 2.3.11)
      rake (>= 0.8.3)
    rake (0.9.2)
    rmagick (2.12.2)
    simple_captcha (0.1.3)
    transaction-simple (1.4.0)
      hoe (>= 1.1.7)
    will_paginate (2.3.15)
    xml-simple (1.0.16)

PLATFORMS
  ruby

DEPENDENCIES
  acl9 (~> 0.11.0)
  authlogic (~> 2.1.3)
  chronic (~> 0.2.3)
  daemons (~> 1.0.10)
  exception_notification (~> 2.3.3.0)
  fleximage (~> 1.0.4)
  jrails (~> 0.6.0)
  mysql (= 2.8.1)
  packet (= 0.1.15)!
  pdf-writer
  rails (= 2.3.11)
  rmagick (~> 2.12.2)
  simple_captcha (~> 0.1.3)
  will_paginate (~> 2.3.11)
